GEM
  remote: https://rubygems.org/
  specs:
    tilt (2.0.9)

PLATFORMS
  ruby

DEPENDENCIES
  tilt (>= 2.0)

RUBY VERSION
   ruby 2.6.5p114

BUNDLED WITH
   2.0.2
